GIT
  remote: git://github.com/Shopify/active_shipping.git
  revision: 2ca9ac3ea768d73881462d794bafd64ff1a02900
  specs:
    active_shipping (0.9.14)
      active_utils (>= 1.0.1)
      activesupport (>= 2.3.5)
      builder
      i18n
      json (>= 1.5.1)

GIT
  remote: git@github.com:jdfdesign/gko_cms3.git
  revision: 0119dbd91de33606fe1a28b58da3a27590991d1b
  specs:
    gko_auth (0.6.17)
      cancan (>= 1.6.8)
      devise (>= 2.1.2)
    gko_categories (0.6.17)
    gko_core (0.6.17)
      RedCloth (= 4.2.9)
      activesupport-slices (= 0.0.2)
      acts_as_indexed (~> 0.7.7)
      babosa (~> 0.3.8)
      backup (~> 3.0.24)
      capistrano
      carrierwave
      codemirror-rails (>= 2.3)
      coffee-rails (~> 3.2.2)
      cucumber (~> 1.1.4)
      dragonfly (~> 0.9.12)
      dropbox-sdk (~> 1.2.0)
      exception_notification (~> 3.0.0)
      gem-patching (= 0.0.3)
      globalize3 (= 0.2.0)
      gon (~> 4.0.0)
      has_scope (~> 0.5.1)
      highline (= 1.6.8)
      inherited_resources (= 1.3.1)
      jquery-rails (= 2.0.3)
      json
      letter_opener (~> 1.0.0)
      mail_form (~> 1.3.0)
      mobile-fu
      mysql2 (~> 0.3.11)
      nested_set (= 1.7.0)
      rack-cache (~> 1.2)
      rack-mount (~> 0.8.3)
      rails (= 3.2.3.rc2)
      rake (~> 10.0.2)
      rmagick (~> 2.13.1)
      routing-filter (= 0.3.1)
      rubyzip (= 0.9.6.1)
      sass-rails (~> 3.2.6)
      simple_form (~> 2.0.4)
      to_xls (~> 1.5.1)
      truncate_html (= 0.5.5)
      uglifier (>= 1.0.3)
      uuid (= 2.3.5)
      will_paginate (~> 3.0.2)
    gko_documents (0.6.17)
      dragonfly (~> 0.9.8)
      rack-cache (>= 0.5.3)
    gko_features (0.6.17)
    gko_images (0.6.17)
    gko_inquiries (0.6.17)
      filters_spam (~> 0.2)
    gko_stickers (0.6.17)
    gko_themes (0.6.17)
      less-rails-bootstrap
      rubyzip (= 0.9.6.1)

GIT
  remote: git@github.com:jdfdesign/gko_store.git
  revision: b276a7fbfc2157c7cb3d0b073975dd2b9104892d
  specs:
    gko_store (0.0.51)
      activemerchant (= 1.21.0)
      state_machine (= 1.1.2)

GEM
  remote: http://rubygems.org/
  specs:
    RedCloth (4.2.9)
    actionmailer (3.2.3.rc2)
      actionpack (= 3.2.3.rc2)
      mail (~> 2.4.4)
    actionpack (3.2.3.rc2)
      activemodel (= 3.2.3.rc2)
      activesupport (= 3.2.3.rc2)
      builder (~> 3.0.0)
      erubis (~> 2.7.0)
      journey (~> 1.0.1)
      rack (~> 1.4.0)
      rack-cache (~> 1.2)
      rack-test (~> 0.6.1)
      sprockets (~> 2.1.2)
    active_utils (1.0.5)
      activesupport (>= 2.3.11)
      i18n
    activemerchant (1.21.0)
      active_utils (>= 1.0.2)
      activesupport (>= 2.3.11)
      builder (>= 2.0.0)
      i18n
      json (>= 1.5.1)
      money (<= 3.7.1)
    activemodel (3.2.3.rc2)
      activesupport (= 3.2.3.rc2)
      builder (~> 3.0.0)
    activerecord (3.2.3.rc2)
      activemodel (= 3.2.3.rc2)
      activesupport (= 3.2.3.rc2)
      arel (~> 3.0.2)
      tzinfo (~> 0.3.29)
    activeresource (3.2.3.rc2)
      activemodel (= 3.2.3.rc2)
      activesupport (= 3.2.3.rc2)
    activesupport (3.2.3.rc2)
      i18n (~> 0.6)
      multi_json (~> 1.0)
    activesupport-slices (0.0.2)
    acts_as_indexed (0.7.8)
    addressable (2.3.2)
    arel (3.0.2)
    babosa (0.3.8)
    backup (3.0.24)
      open4 (~> 1.3.0)
      thor (~> 0.14.6)
    bcrypt-ruby (3.0.1)
    builder (3.0.4)
    cancan (1.6.8)
    capistrano (2.14.1)
      highline
      net-scp (>= 1.0.0)
      net-sftp (>= 2.0.0)
      net-ssh (>= 2.0.14)
      net-ssh-gateway (>= 1.1.0)
    carrierwave (0.8.0)
      activemodel (>= 3.2.0)
      activesupport (>= 3.2.0)
    codemirror-rails (3.00)
      railties (~> 3.0)
    coffee-rails (3.2.2)
      coffee-script (>= 2.2.0)
      railties (~> 3.2.0)
    coffee-script (2.2.0)
      coffee-script-source
      execjs
    coffee-script-source (1.4.0)
    commonjs (0.2.6)
    cucumber (1.1.9)
      builder (>= 2.1.2)
      diff-lcs (>= 1.1.2)
      gherkin (~> 2.9.0)
      json (>= 1.4.6)
      term-ansicolor (>= 1.0.6)
    devise (2.2.2)
      bcrypt-ruby (~> 3.0)
      orm_adapter (~> 0.1)
      railties (~> 3.1)
      warden (~> 1.2.1)
    diff-lcs (1.2.0)
    dragonfly (0.9.12)
      rack
    dropbox-sdk (1.2)
      json
    erubis (2.7.0)
    eventmachine (1.0.0)
    exception_notification (3.0.0)
      actionmailer (>= 3.0.4)
      tinder (~> 1.8)
    execjs (1.4.0)
      multi_json (~> 1.0)
    faraday (0.8.4)
      multipart-post (~> 1.1)
    faraday_middleware (0.9.0)
      faraday (>= 0.7.4, < 0.9)
    filters_spam (0.3)
    gem-patching (0.0.3)
    gherkin (2.9.3)
      json (>= 1.4.6)
    globalize3 (0.2.0)
      activemodel (>= 3.0.0)
      activerecord (>= 3.0.0)
      paper_trail (~> 2)
    gon (4.0.2)
      actionpack (>= 2.3.0)
      json
    has_scope (0.5.1)
    hashie (1.2.0)
    highline (1.6.8)
    hike (1.2.1)
    http_parser.rb (0.5.3)
    i18n (0.6.1)
    inherited_resources (1.3.1)
      has_scope (~> 0.5.0)
      responders (~> 0.6)
    journey (1.0.4)
    jquery-rails (2.0.3)
      railties (>= 3.1.0, < 5.0)
      thor (~> 0.14)
    json (1.7.5)
    launchy (2.1.2)
      addressable (~> 2.3)
    less (2.2.2)
      commonjs (~> 0.2.6)
    less-rails (2.2.6)
      actionpack (>= 3.1)
      less (~> 2.2.0)
    less-rails-bootstrap (2.2.1)
      less-rails (~> 2.2.0)
    letter_opener (1.0.0)
      launchy (>= 2.0.4)
    macaddr (1.6.1)
      systemu (~> 2.5.0)
    mail (2.4.4)
      i18n (>= 0.4.0)
      mime-types (~> 1.16)
      treetop (~> 1.4.8)
    mail_form (1.3.0)
    mime-types (1.19)
    mobile-fu (1.1.1)
      rack-mobile-detect
      rails
    money (3.7.1)
      i18n (~> 0.4)
    multi_json (1.5.0)
    multipart-post (1.1.5)
    mysql2 (0.3.11)
    nested_set (1.7.0)
      activerecord (>= 3.0.0)
      railties (>= 3.0.0)
    net-scp (1.0.4)
      net-ssh (>= 1.99.1)
    net-sftp (2.0.5)
      net-ssh (>= 2.0.9)
    net-ssh (2.6.3)
    net-ssh-gateway (1.1.0)
      net-ssh (>= 1.99.1)
    open4 (1.3.0)
    orm_adapter (0.4.0)
    paper_trail (2.7.0)
      activerecord (~> 3.0)
      railties (~> 3.0)
    polyglot (0.3.3)
    rack (1.4.1)
    rack-cache (1.2)
      rack (>= 0.4)
    rack-mobile-detect (0.4.0)
      rack
    rack-mount (0.8.3)
      rack (>= 1.0.0)
    rack-ssl (1.3.2)
      rack
    rack-test (0.6.2)
      rack (>= 1.0)
    rails (3.2.3.rc2)
      actionmailer (= 3.2.3.rc2)
      actionpack (= 3.2.3.rc2)
      activerecord (= 3.2.3.rc2)
      activeresource (= 3.2.3.rc2)
      activesupport (= 3.2.3.rc2)
      bundler (~> 1.0)
      railties (= 3.2.3.rc2)
    railties (3.2.3.rc2)
      actionpack (= 3.2.3.rc2)
      activesupport (= 3.2.3.rc2)
      rack-ssl (~> 1.3.2)
      rake (>= 0.8.7)
      rdoc (~> 3.4)
      thor (~> 0.14.6)
    rake (10.0.3)
    rdoc (3.12)
      json (~> 1.4)
    responders (0.9.3)
      railties (~> 3.1)
    rmagick (2.13.1)
    routing-filter (0.3.1)
      actionpack
    ruby-ole (1.2.11.6)
    rubyzip (0.9.6.1)
    sass (3.2.5)
    sass-rails (3.2.6)
      railties (~> 3.2.0)
      sass (>= 3.1.10)
      tilt (~> 1.3)
    simple_form (2.0.4)
      actionpack (~> 3.0)
      activemodel (~> 3.0)
    simple_oauth (0.1.9)
    spreadsheet (0.7.7)
      ruby-ole (>= 1.0)
    sprockets (2.1.3)
      hike (~> 1.2)
      rack (~> 1.0)
      tilt (~> 1.1, != 1.3.0)
    state_machine (1.1.2)
    systemu (2.5.2)
    term-ansicolor (1.0.7)
    thor (0.14.6)
    tilt (1.3.3)
    tinder (1.9.2)
      eventmachine (~> 1.0)
      faraday (~> 0.8)
      faraday_middleware (~> 0.9)
      hashie (~> 1.0)
      json (~> 1.7.5)
      mime-types (~> 1.19)
      multi_json (~> 1.5)
      twitter-stream (~> 0.1)
    to_xls (1.5.1)
      spreadsheet
    treetop (1.4.12)
      polyglot
      polyglot (>= 0.3.1)
    truncate_html (0.5.5)
    twitter-stream (0.1.16)
      eventmachine (>= 0.12.8)
      http_parser.rb (~> 0.5.1)
      simple_oauth (~> 0.1.4)
    tzinfo (0.3.35)
    uglifier (1.3.0)
      execjs (>= 0.3.0)
      multi_json (~> 1.0, >= 1.0.2)
    uuid (2.3.5)
      macaddr (~> 1.0)
    warden (1.2.1)
      rack (>= 1.0)
    will_paginate (3.0.4)

PLATFORMS
  ruby

DEPENDENCIES
  active_shipping!
  coffee-rails (~> 3.2.2)
  gko_auth (= 0.6.17)!
  gko_categories (= 0.6.17)!
  gko_core (= 0.6.17)!
  gko_documents (= 0.6.17)!
  gko_features (= 0.6.17)!
  gko_images (= 0.6.17)!
  gko_inquiries (= 0.6.17)!
  gko_stickers (= 0.6.17)!
  gko_store (= 0.0.51)!
  gko_themes (= 0.6.17)!
  sass-rails (~> 3.2.6)
  uglifier (>= 1.0.3)
